GEM
  remote: https://rubygems.org/
  specs:
    geoip-c (0.9.1)
    mini_portile (0.5.2)
    nokogiri (1.6.0)
      mini_portile (~> 0.5.0)

PLATFORMS
  ruby

DEPENDENCIES
  geoip-c
  nokogiri
